GEM
  remote: https://rubygems.org/
  specs:
    json (1.8.1)
    rake (10.4.2)

PLATFORMS
  x86-mingw32

DEPENDENCIES
  json
  rake

BUNDLED WITH
   1.11.2
